GIT
  remote: git://github.com/newsinternational/app-config.git
  revision: edebee2f9adcb8381bef61029f7d8361a0f6efc4
  specs:
    app-config (0.1.3)
      hashie

GEM
  remote: http://rubygems.org/
  specs:
    ffi (1.0.11)
    hashie (1.2.0)
    i18n (0.6.0)
    mail (2.4.4)
      i18n (>= 0.4.0)
      mime-types (~> 1.16)
      treetop (~> 1.4.8)
    mime-types (1.19)
    nokogiri (1.5.5)
    polyglot (0.3.3)
    pony (1.4)
      mail (> 2.0)
    treetop (1.4.10)
      polyglot
      polyglot (>= 0.3.1)
    typhoeus (0.4.2)
      ffi (~> 1.0)
      mime-types (~> 1.18)

PLATFORMS
  ruby

DEPENDENCIES
  app-config!
  nokogiri
  pony
  typhoeus
