GIT
  remote: git://github.com/newsinternational/app-config.git
  revision: b6d5a2ee1f4c94ff7983529890ff714f0caad0c0
  specs:
    app-config (0.1.4)
      hashie

GEM
  remote: http://rubygems.org/
  specs:
    hashie (1.2.0)
    i18n (0.6.0)
    mail (2.4.4)
      i18n (>= 0.4.0)
      mime-types (~> 1.16)
      treetop (~> 1.4.8)
    mime-types (1.19)
    nokogiri (1.5.5)
    polyglot (0.3.3)
    pony (1.4)
      mail (> 2.0)
    treetop (1.4.10)
      polyglot
      polyglot (>= 0.3.1)

PLATFORMS
  ruby

DEPENDENCIES
  app-config!
  nokogiri
  pony
